GEM
  remote: http://rubygems.org/
  specs:
    actionmailer (3.2.1)
      actionpack (= 3.2.1)
      mail (~> 2.4.0)
    actionpack (3.2.1)
      activemodel (= 3.2.1)
      activesupport (= 3.2.1)
      builder (~> 3.0.0)
      erubis (~> 2.7.0)
      journey (~> 1.0.1)
      rack (~> 1.4.0)
      rack-cache (~> 1.1)
      rack-test (~> 0.6.1)
      sprockets (~> 2.1.2)
    activeadmin (0.4.0)
      bourbon (>= 1.0.0)
      devise (>= 1.1.2)
      fastercsv
      formtastic (>= 2.0.0)
      inherited_resources (< 1.3.0)
      jquery-rails (>= 1.0.0)
      kaminari (>= 0.13.0)
      meta_search (>= 0.9.2)
      rails (>= 3.0.0)
      sass (>= 3.1.0)
    activemodel (3.2.1)
      activesupport (= 3.2.1)
      builder (~> 3.0.0)
    activerecord (3.2.1)
      activemodel (= 3.2.1)
      activesupport (= 3.2.1)
      arel (~> 3.0.0)
      tzinfo (~> 0.3.29)
    activeresource (3.2.1)
      activemodel (= 3.2.1)
      activesupport (= 3.2.1)
    activesupport (3.2.1)
      i18n (~> 0.6)
      multi_json (~> 1.0)
    acts_as_list (0.1.4)
    addressable (2.2.6)
    ansi (1.4.1)
    archive-tar-minitar (0.5.2)
    arel (3.0.0)
    aws-s3 (0.6.2)
      builder
      mime-types
      xml-simple
    aws-sdk (1.3.2)
      httparty (~> 0.7)
      json (~> 1.4)
      nokogiri (>= 1.4.4)
      uuidtools (~> 2.1)
    bcrypt-ruby (3.0.1)
    bourbon (1.3.6)
      sass (>= 3.1)
    builder (3.0.0)
    cocaine (0.2.1)
    columnize (0.3.6)
    dalli (1.1.4)
    declarative_authorization (0.5.5)
    delayed_job (3.0.1)
      activesupport (~> 3.0)
    devise (2.0.0.rc)
      bcrypt-ruby (~> 3.0)
      orm_adapter (~> 0.0.3)
      warden (~> 1.1)
    erubis (2.7.0)
    factory_girl (2.6.4)
      activesupport (>= 2.3.9)
    faker (1.0.1)
      i18n (~> 0.4)
    faraday (0.6.1)
      addressable (~> 2.2.4)
      multipart-post (~> 1.1.0)
      rack (>= 1.1.0, < 2)
    fastercsv (1.5.4)
    formtastic (2.0.2)
      rails (~> 3.0)
    geocoder (1.1.0)
    google_currency (2.0.2)
      money (~> 3.5)
      multi_json (>= 1.0.0)
    has_scope (0.5.1)
    heroku (2.19.0)
      launchy (>= 0.3.2)
      rest-client (~> 1.6.1)
      rubyzip
      term-ansicolor (~> 1.0.5)
    heroku_san (1.3.0)
      heroku (>= 2)
      rails (>= 2)
    hike (1.2.1)
    hirb (0.6.0)
    httparty (0.8.1)
      multi_json
      multi_xml
    i18n (0.6.0)
    inherited_resources (1.2.2)
      has_scope (~> 0.5.0)
      responders (~> 0.6.0)
    journey (1.0.1)
    jquery-rails (2.0.0)
      railties (>= 3.2.0.beta, < 5.0)
      thor (~> 0.14)
    json (1.6.5)
    kaminari (0.13.0)
      actionpack (>= 3.0.0)
      activesupport (>= 3.0.0)
      railties (>= 3.0.0)
    launchy (2.0.5)
      addressable (~> 2.2.6)
    linecache19 (0.5.13)
      ruby_core_source (>= 0.1.4)
    mail (2.4.1)
      i18n (>= 0.4.0)
      mime-types (~> 1.16)
      treetop (~> 1.4.8)
    mail_view (1.0.2)
    meta_search (1.1.3)
      actionpack (~> 3.1)
      activerecord (~> 3.1)
      activesupport (~> 3.1)
      polyamorous (~> 0.5.0)
    mime-types (1.17.2)
    money (3.7.1)
      i18n (~> 0.4)
    multi_json (1.0.4)
    multi_xml (0.4.1)
    multipart-post (1.1.4)
    mysql2 (0.3.11)
    nokogiri (1.5.0)
    oauth2 (0.4.1)
      faraday (~> 0.6.1)
      multi_json (>= 0.0.5)
    orm_adapter (0.0.6)
    paperclip (2.5.1)
      activerecord (>= 2.3.0)
      activesupport (>= 2.3.2)
      cocaine (>= 0.0.2)
      mime-types
    polyamorous (0.5.0)
      activerecord (~> 3.0)
    polyglot (0.3.3)
    powder (0.1.7)
      thor (>= 0.11.5)
    rack (1.4.1)
    rack-cache (1.1)
      rack (>= 0.4)
    rack-ssl (1.3.2)
      rack
    rack-ssl-enforcer (0.2.4)
    rack-test (0.6.1)
      rack (>= 1.0)
    rails (3.2.1)
      actionmailer (= 3.2.1)
      actionpack (= 3.2.1)
      activerecord (= 3.2.1)
      activeresource (= 3.2.1)
      activesupport (= 3.2.1)
      bundler (~> 1.0)
      railties (= 3.2.1)
    railties (3.2.1)
      actionpack (= 3.2.1)
      activesupport (= 3.2.1)
      rack-ssl (~> 1.3.2)
      rake (>= 0.8.7)
      rdoc (~> 3.4)
      thor (~> 0.14.6)
    rake (0.9.2.2)
    ransack (0.6.0)
      actionpack (~> 3.0)
      activerecord (~> 3.0)
      polyamorous (~> 0.5.0)
    rdoc (3.12)
      json (~> 1.4)
    redis (2.2.2)
    responders (0.6.5)
    rest-client (1.6.7)
      mime-types (>= 1.16)
    ruby-debug-base19 (0.11.26)
      columnize (>= 0.3.1)
      linecache19 (>= 0.5.11)
      ruby_core_source (>= 0.1.4)
    ruby-debug19 (0.11.6)
      columnize (>= 0.3.1)
      linecache19 (>= 0.5.11)
      ruby-debug-base19 (>= 0.11.19)
    ruby_core_source (0.1.5)
      archive-tar-minitar (>= 0.5.2)
    rubyzip (0.9.5)
    sass (3.1.14)
    sass-rails (3.2.4)
      railties (~> 3.2.0)
      sass (>= 3.1.10)
      tilt (~> 1.3)
    sequel (3.20.0)
    shoulda (2.11.3)
    shoulda-matchers (1.0.0)
    sinatra (1.0)
      rack (>= 1.0)
    sprockets (2.1.2)
      hike (~> 1.2)
      rack (~> 1.0)
      tilt (~> 1.1, != 1.3.0)
    sqlite3 (1.3.5)
    sqlite3-ruby (1.3.3)
      sqlite3 (>= 1.3.3)
    taps (0.3.23)
      rack (>= 1.0.1)
      rest-client (>= 1.4.0, < 1.7.0)
      sequel (~> 3.20.0)
      sinatra (~> 1.0.0)
      sqlite3-ruby (~> 1.2)
    term-ansicolor (1.0.7)
    thor (0.14.6)
    tilt (1.3.3)
    timeliness (0.3.4)
    treetop (1.4.10)
      polyglot
      polyglot (>= 0.3.1)
    turn (0.8.3)
      ansi
    tzinfo (0.3.31)
    uuidtools (2.1.2)
    validates_timeliness (3.0.8)
      timeliness (~> 0.3.4)
    warden (1.1.0)
      rack (>= 1.0)
    will_paginate (3.0.2)
    workflow (0.8.1)
    xml-simple (1.1.1)

PLATFORMS
  ruby

DEPENDENCIES
  activeadmin
  acts_as_list
  aws-s3
  aws-sdk
  dalli
  declarative_authorization
  delayed_job
  devise (= 2.0.0.rc)
  factory_girl (~> 2.6.4)
  faker
  geocoder
  google_currency
  heroku_san
  hirb
  linecache19 (= 0.5.13)
  mail_view
  meta_search (>= 1.1.0.pre)
  money
  mysql2 (= 0.3.11)
  oauth2 (= 0.4.1)
  paperclip (~> 2.4)
  powder
  rack-ssl-enforcer
  rails (= 3.2.1)
  ransack
  redis
  ruby-debug-base19 (= 0.11.26)
  ruby-debug19
  sass-rails
  shoulda
  shoulda-matchers
  taps
  turn
  validates_timeliness (~> 3.0.2)
  will_paginate
  workflow
